GEM
  remote: http://rubygems.org/
  specs:
    activesupport (3.2.8)
      i18n (~> 0.6)
      multi_json (~> 1.0)
    activitystreams (0.0.4)
      activesupport (>= 2.3)
      addressable
      attr_required (>= 0.0.5)
      i18n
      json (>= 1.4.3)
    addressable (2.3.2)
    attr_required (0.0.5)
    concensus (0.0.6)
      activesupport
      dbf
      georuby
      rubyzip
    dbf (2.0.0)
      fastercsv (~> 1.5.4)
    diff-lcs (1.1.3)
    fastercsv (1.5.5)
    georuby (1.9.7)
    i18n (0.6.0)
    json (1.7.5)
    multi_json (1.3.6)
    rake (0.9.2)
    rspec (2.11.0)
      rspec-core (~> 2.11.0)
      rspec-expectations (~> 2.11.0)
      rspec-mocks (~> 2.11.0)
    rspec-core (2.11.1)
    rspec-expectations (2.11.3)
      diff-lcs (~> 1.1.3)
    rspec-mocks (2.11.2)
    rspec-pride (2.2.0)
      rspec (~> 2.10)
    rubyzip (0.9.9)

PLATFORMS
  ruby

DEPENDENCIES
  activitystreams
  concensus
  fastercsv
  georuby
  rake
  rspec-pride
